GEM
  remote: https://rubygems.org/
  specs:
    minitest (5.0.8)
    rake (0.9.6)

PLATFORMS
  ruby

DEPENDENCIES
  bundler
  minitest (~> 5)
  rake
