GEM
  remote: https://rubygems.org/
  specs:
    mini_portile (0.5.2)
    minitest (5.0.8)
    nokogiri (1.6.0)
      mini_portile (~> 0.5.0)
    rake (0.9.6)

PLATFORMS
  ruby

DEPENDENCIES
  minitest (~> 5)
  nokogiri
  rake
